GEM
  remote: https://rubygems.org/
  specs:
    addressable (2.7.0)
      public_suffix (>= 2.0.2, < 5.0)
    json (2.3.0)
    public_suffix (4.0.1)
    rotp (5.1.0)
      addressable (~> 2.5)
    xmlrpc (0.3.0)

PLATFORMS
  ruby

DEPENDENCIES
  json
  rotp
  xmlrpc

BUNDLED WITH
   1.16.1
